GEM
  remote: https://ruby.taobao.org/
  specs:
    cabin (0.8.0)
    haml (4.0.7)
      tilt
    jls-grok (0.11.2)
      cabin (>= 0.6.0)
    json (1.8.3)
    kgio (2.10.0)
    rack (1.6.4)
    rack-protection (1.5.3)
      rack
    raindrops (0.15.0)
    shotgun (0.9.1)
      rack (>= 1.0)
    sinatra (1.4.6)
      rack (~> 1.4)
      rack-protection (~> 1.4)
      tilt (>= 1.3, < 3)
    tilt (2.0.1)
    unicorn (5.0.1)
      kgio (~> 2.6)
      rack
      raindrops (~> 0.7)

PLATFORMS
  ruby

DEPENDENCIES
  haml
  jls-grok
  json
  shotgun
  sinatra
  unicorn

BUNDLED WITH
   1.10.6
